GEM
  remote: https://rubygems.org/
  specs:
    CFPropertyList (2.2.0)
    alfredo (0.1.2)
      nokogiri
    mini_portile2 (2.4.0)
    nokogiri (1.10.8)
      mini_portile2 (~> 2.4.0)

PLATFORMS
  ruby

DEPENDENCIES
  CFPropertyList
  alfredo
