GEM
  remote: https://rubygems.org/
  specs:
    CFPropertyList (2.2.0)
    alfredo (0.1.2)
      nokogiri
    mini_portile2 (2.8.0)
    nokogiri (1.13.4)
      mini_portile2 (~> 2.8.0)
      racc (~> 1.4)
    racc (1.6.0)

PLATFORMS
  ruby

DEPENDENCIES
  CFPropertyList
  alfredo
